GEM
  remote: https://rubygems.org/
  specs:
    sass (3.4.9)

PLATFORMS
  ruby

DEPENDENCIES
  sass (= 3.4.9)

RUBY VERSION
   ruby 2.0.0p648

BUNDLED WITH
   1.12.5
